GEM
  specs:
    haml (3.1.7)
    sass (3.2.9)

PLATFORMS
  ruby

DEPENDENCIES
  haml (< 4.0.0)
  sass
